GEM
  remote: http://rubygems.org/
  specs:
    activemodel (3.2.2)
      activesupport (= 3.2.2)
      builder (~> 3.0.0)
    activesupport (3.2.2)
      i18n (~> 0.6)
      multi_json (~> 1.0)
    backports (2.5.0)
    bson (1.6.1)
    builder (3.0.0)
    eventmachine (0.12.6)
    fastercsv (1.5.4)
    haml (3.1.4)
    i18n (0.6.0)
    mongo (1.6.1)
      bson (~> 1.6.1)
    mongoid (2.4.7)
      activemodel (~> 3.1)
      mongo (~> 1.3)
      tzinfo (~> 0.3.22)
    multi_json (1.2.0)
    rack (1.4.1)
    rack-protection (1.2.0)
      rack
    rack-test (0.6.1)
      rack (>= 1.0)
    sinatra (1.3.2)
      rack (~> 1.3, >= 1.3.6)
      rack-protection (~> 1.2)
      tilt (~> 1.3, >= 1.3.3)
    sinatra-contrib (1.3.1)
      backports (>= 2.0)
      eventmachine
      rack-protection
      rack-test
      sinatra (~> 1.3.0)
      tilt (~> 1.3)
    sinatra-rabbit (1.0)
      sinatra (>= 1.3.0)
    sinatra-reloader (1.0)
      sinatra-contrib
    tilt (1.3.3)
    tzinfo (0.3.32)

PLATFORMS
  x86-mingw32

DEPENDENCIES
  fastercsv
  haml
  mongoid
  sinatra
  sinatra-rabbit
  sinatra-reloader
